GIT
  remote: git://github.com/rails/exception_notification
  revision: 192a49a02d63d28b23ed41cebadfedd490929cf1
  specs:
    exception_notification (1.0.0)

GEM
  remote: http://rubygems.org/
  remote: http://gems.github.com/
  specs:
    abstract (1.0.0)
    actionmailer (3.0.10)
      actionpack (= 3.0.10)
      mail (~> 2.2.19)
    actionpack (3.0.10)
      activemodel (= 3.0.10)
      activesupport (= 3.0.10)
      builder (~> 2.1.2)
      erubis (~> 2.6.6)
      i18n (~> 0.5.0)
      rack (~> 1.2.1)
      rack-mount (~> 0.6.14)
      rack-test (~> 0.5.7)
      tzinfo (~> 0.3.23)
    activemodel (3.0.10)
      activesupport (= 3.0.10)
      builder (~> 2.1.2)
      i18n (~> 0.5.0)
    activerecord (3.0.10)
      activemodel (= 3.0.10)
      activesupport (= 3.0.10)
      arel (~> 2.0.10)
      tzinfo (~> 0.3.23)
    activeresource (3.0.10)
      activemodel (= 3.0.10)
      activesupport (= 3.0.10)
    activesupport (3.0.10)
    annotate (2.4.0)
    arel (2.0.10)
    authlogic (3.0.3)
      activerecord (>= 3.0.7)
      activerecord (>= 3.0.7)
    builder (2.1.2)
    capistrano (2.9.0)
      highline
      net-scp (>= 1.0.0)
      net-sftp (>= 2.0.0)
      net-ssh (>= 2.0.14)
      net-ssh-gateway (>= 1.1.0)
    columnize (0.3.4)
    composite_primary_keys (3.1.10)
      activerecord (~> 3.0.0, >= 3.0.5)
    crypt3 (1.1.4)
    diff-lcs (1.1.3)
    dynamic_form (1.1.4)
    erubis (2.6.6)
      abstract (>= 1.0.0)
    factory_girl (2.2.0)
      activesupport
    factory_girl_rails (1.3.0)
      factory_girl (~> 2.2.0)
      railties (>= 3.0.0)
    haml (3.1.3)
    highline (1.6.5)
    hirb (0.5.0)
    i18n (0.5.0)
    jquery-rails (1.0.17)
      railties (~> 3.0)
      thor (~> 0.14)
    json (1.5.4)
    linecache (0.46)
      rbx-require-relative (> 0.0.4)
    mail (2.2.19)
      activesupport (>= 2.3.6)
      i18n (>= 0.4.0)
      mime-types (~> 1.16)
      treetop (~> 1.4.8)
    mime-types (1.17.2)
    net-scp (1.0.4)
      net-ssh (>= 1.99.1)
    net-sftp (2.0.5)
      net-ssh (>= 2.0.9)
    net-ssh (2.2.1)
    net-ssh-gateway (1.1.0)
      net-ssh (>= 1.99.1)
    nokogiri (1.4.7)
    nokogiri-diff (0.1.0)
      nokogiri (~> 1.4.1)
      tdiff (~> 0.3.2)
    polyglot (0.3.3)
    rack (1.2.4)
    rack-mount (0.6.14)
      rack (>= 1.0.0)
    rack-test (0.5.7)
      rack (>= 1.0)
    railroady (1.0.2)
    rails (3.0.10)
      actionmailer (= 3.0.10)
      actionpack (= 3.0.10)
      activerecord (= 3.0.10)
      activeresource (= 3.0.10)
      activesupport (= 3.0.10)
      bundler (~> 1.0)
      railties (= 3.0.10)
    rails3-generators (0.17.4)
      railties (>= 3.0.0)
    railties (3.0.10)
      actionpack (= 3.0.10)
      activesupport (= 3.0.10)
      rake (>= 0.8.7)
      rdoc (~> 3.4)
      thor (~> 0.14.4)
    rake (0.9.2.2)
    rbx-require-relative (0.0.5)
    rdoc (3.11)
      json (~> 1.4)
    recaptcha (0.3.1)
    redcarpet (1.17.2)
    rspec (2.7.0)
      rspec-core (~> 2.7.0)
      rspec-expectations (~> 2.7.0)
      rspec-mocks (~> 2.7.0)
    rspec-core (2.7.1)
    rspec-expectations (2.7.0)
      diff-lcs (~> 1.1.2)
    rspec-mocks (2.7.0)
    rspec-rails (2.7.0)
      actionpack (~> 3.0)
      activesupport (~> 3.0)
      railties (~> 3.0)
      rspec (~> 2.7.0)
    ruby-debug (0.10.4)
      columnize (>= 0.1)
      ruby-debug-base (~> 0.10.4.0)
    ruby-debug-base (0.10.4)
      linecache (>= 0.3)
    sanitize (2.0.3)
      nokogiri (>= 1.4.4, < 1.6)
    single_test (0.4.3)
    sqlite3 (1.3.4)
    tdiff (0.3.2)
    thor (0.14.6)
    treetop (1.4.10)
      polyglot
      polyglot (>= 0.3.1)
    tzinfo (0.3.31)
    will_paginate (3.0.2)

PLATFORMS
  ruby

DEPENDENCIES
  annotate
  authlogic (~> 3.0.0)
  capistrano
  composite_primary_keys (~> 3.1.10)
  crypt3
  dynamic_form
  exception_notification!
  factory_girl_rails
  haml
  hirb
  jquery-rails (>= 1.0.12)
  json (~> 1.5.4)
  nokogiri-diff
  railroady
  rails (~> 3.0.9)
  rails3-generators
  recaptcha
  redcarpet
  rspec-rails
  ruby-debug
  sanitize
  single_test
  sqlite3
  will_paginate (~> 3.0.pre4)
